NUGET
  remote: https://www.nuget.org/api/v2
  specs:
    AutoFixture (3.43)
    AutoFixture.AutoFakeItEasy (3.43)
      AutoFixture (>= 3.43)
      FakeItEasy (>= 1.7)
    FakeItEasy (1.25.3)
    Fixie (1.0.0.41) - version_in_path: true

GROUP Build
NUGET
  remote: https://www.nuget.org/api/v2
  specs:
    codecracker.CSharp (1.0)
    FAKE (4.23)
    StyleCop.Analyzers (1.0)

GROUP Test
NUGET
  remote: https://www.nuget.org/api/v2
  specs:
    Shouldly (2.6)
