NUGET
  remote: https://www.nuget.org/api/v2
  specs:
    Fixie (1.0.0.41)

GROUP Build
NUGET
  remote: https://www.nuget.org/api/v2
  specs:
    FAKE (4.21.0)
