NUGET
  remote: https://www.nuget.org/api/v2
  specs:
    AutoFixture (3.42.0)
    AutoFixture.AutoFakeItEasy (3.42.0)
      AutoFixture (>= 3.42.0)
      FakeItEasy (>= 1.7.0)
    FakeItEasy (1.25.3)
    Fixie (1.0.0.41) - version_in_path: true

GROUP Build
NUGET
  remote: https://www.nuget.org/api/v2
  specs:
    codecracker.CSharp (1.0.0-rc6)
    FAKE (4.22.8)
    StyleCop.Analyzers (1.0.0)

GROUP Test
NUGET
  remote: https://www.nuget.org/api/v2
  specs:
    Shouldly (2.6.0)
